PATH
  remote: .
  specs:
    mysql-rb (0.1.0)

GEM
  remote: https://rubygems.org/
  specs:
    benchmark-ips (2.7.2)
    byebug (11.1.1)
    minitest (5.14.1)
    mysql2 (0.5.3)
    rake (13.0.1)
    stackprof (0.2.15)

PLATFORMS
  ruby

DEPENDENCIES
  benchmark-ips
  byebug
  minitest
  mysql-rb!
  mysql2
  rake
  stackprof

BUNDLED WITH
   2.1.4
