GEM
  remote: https://rubygems.org/
  specs:
    byebug (11.1.1)
    minitest (5.14.1)

PLATFORMS
  ruby

DEPENDENCIES
  byebug
  minitest

BUNDLED WITH
   2.1.4
